GEM
  remote: https://rubygems.org/
  specs:
    RedCloth (4.2.9)
    bitters (0.10.1)
      bourbon (>= 3.2)
      sass (>= 3.2)
      thor
    bourbon (4.0.2)
      sass (~> 3.3)
      thor
    ffi (1.9.6)
    haml (4.0.6)
      tilt
    kgio (2.9.2)
    listen (1.3.1)
      rb-fsevent (>= 0.9.3)
      rb-inotify (>= 0.9)
      rb-kqueue (>= 0.2)
    mr-sparkle (0.3.0)
      listen (~> 1.0)
      rb-fsevent (>= 0.9)
      rb-inotify (>= 0.8)
      unicorn (>= 4.5)
    neat (1.7.0)
      bourbon (>= 4.0)
      sass (>= 3.3)
    nesta (0.10.0)
      RedCloth (~> 4.2)
      haml (>= 3.1)
      rack (>= 1.3)
      rdiscount (~> 2.1)
      sass (>= 3.1)
      sinatra (~> 1.4)
    rack (1.5.2)
    rack-protection (1.5.3)
      rack
    raindrops (0.13.0)
    rb-fsevent (0.9.4)
    rb-inotify (0.9.5)
      ffi (>= 0.5.0)
    rb-kqueue (0.2.3)
      ffi (>= 0.5.0)
    rdiscount (2.1.7.1)
    sass (3.4.9)
    sinatra (1.4.5)
      rack (~> 1.4)
      rack-protection (~> 1.4)
      tilt (~> 1.3, >= 1.3.4)
    thor (0.19.1)
    tilt (1.4.1)
    unicorn (4.8.3)
      kgio (~> 2.6)
      rack
      raindrops (~> 0.7)

PLATFORMS
  ruby

DEPENDENCIES
  bitters
  bourbon
  mr-sparkle
  neat
  nesta
